GEM
  remote: https://rubygems.org/
  specs:
    addressable (2.5.0)
      public_suffix (~> 2.0, >= 2.0.2)
    ast (2.3.0)
    axiom-types (0.1.1)
      descendants_tracker (~> 0.0.4)
      ice_nine (~> 0.11.0)
      thread_safe (~> 0.3, >= 0.3.1)
    coderay (1.1.1)
    coercible (1.0.0)
      descendants_tracker (~> 0.0.1)
    concurrent-ruby (1.0.3)
    descendants_tracker (0.0.4)
      thread_safe (~> 0.3, >= 0.3.1)
    dotenv (2.1.1)
    dry-configurable (0.4.0)
      concurrent-ruby (~> 1.0)
    dry-container (0.6.0)
      concurrent-ruby (~> 1.0)
      dry-configurable (~> 0.1, >= 0.1.3)
    dry-equalizer (0.2.0)
    dry-matcher (0.6.0)
    dry-monads (0.2.1)
      dry-equalizer
    dry-transaction (0.9.0)
      dry-container (>= 0.2.8)
      dry-matcher (>= 0.5.0)
      dry-monads (>= 0.0.1)
      wisper (>= 1.6.0)
    equalizer (0.0.11)
    faraday (0.10.0)
      multipart-post (>= 1.2, < 3)
    google-cloud-core (0.21.1)
      googleauth (~> 0.5.1)
    google-cloud-speech (0.21.1)
      google-cloud-core (~> 0.21.0)
      google-gax (~> 0.6.0)
      google-protobuf (~> 3.0)
      googleapis-common-protos (~> 1.3)
      grpc (~> 1.0)
    google-gax (0.6.0)
      googleapis-common-protos (~> 1.3.1)
      googleauth (~> 0.5.1)
      grpc (~> 1.0)
      rly (~> 0.2.3)
    google-protobuf (3.0.2)
    googleapis-common-protos (1.3.4)
      google-protobuf (~> 3.0)
      grpc (~> 1.0)
    googleauth (0.5.1)
      faraday (~> 0.9)
      jwt (~> 1.4)
      logging (~> 2.0)
      memoist (~> 0.12)
      multi_json (~> 1.11)
      os (~> 0.9)
      signet (~> 0.7)
    grpc (1.0.1)
      google-protobuf (~> 3.0.2)
      googleauth (~> 0.5.1)
    ice_nine (0.11.2)
    jwt (1.5.6)
    little-plugger (1.1.4)
    logging (2.1.0)
      little-plugger (~> 1.1)
      multi_json (~> 1.10)
    memoist (0.15.0)
    method_source (0.8.2)
    minitest (5.10.1)
    multi_json (1.12.1)
    multipart-post (2.0.0)
    os (0.9.6)
    parser (2.3.3.1)
      ast (~> 2.2)
    powerpack (0.1.1)
    pry (0.10.4)
      coderay (~> 1.1.0)
      method_source (~> 0.8.1)
      slop (~> 3.4)
    public_suffix (2.0.4)
    rack (2.0.1)
    rainbow (2.1.0)
    rly (0.2.3)
    rubocop (0.46.0)
      parser (>= 2.3.1.1, < 3.0)
      powerpack (~> 0.1)
      rainbow (>= 1.99.1, < 3.0)
      ruby-progressbar (~> 1.7)
      unicode-display_width (~> 1.0, >= 1.0.1)
    ruby-progressbar (1.8.1)
    ruby-sox (0.0.3)
    signet (0.7.3)
      addressable (~> 2.3)
      faraday (~> 0.9)
      jwt (~> 1.5)
      multi_json (~> 1.10)
    slop (3.6.0)
    telegram-bot-ruby (0.7.1)
      faraday
      virtus
    thread_safe (0.3.5)
    unicode-display_width (1.1.2)
    virtus (1.0.5)
      axiom-types (~> 0.1)
      coercible (~> 1.0)
      descendants_tracker (~> 0.0, >= 0.0.3)
      equalizer (~> 0.0, >= 0.0.9)
    wisper (1.6.1)

PLATFORMS
  ruby

DEPENDENCIES
  dotenv
  dry-monads
  dry-transaction
  google-cloud-speech
  minitest
  pry
  rack
  rubocop (~> 0.46.0)
  ruby-sox
  telegram-bot-ruby

BUNDLED WITH
   1.13.6
